PATH
  remote: .
  specs:
    stocket (0.4.1)

GEM
  remote: https://rubygems.org/
  specs:
    colorize (0.8.1)
    rake (12.3.3)
    thor (1.0.1)

PLATFORMS
  ruby

DEPENDENCIES
  colorize
  rake (~> 12.0)
  stocket!
  thor

BUNDLED WITH
   2.1.4
